GIT
  remote: git://github.com/SpruceMarcy/ImageResize-ruby.git
  revision: eb417c5764a2729e8a590d15cfd8bd6d9f8790e0
  specs:
    ImageResize (0.0.6)

GEM
  remote: https://rubygems.org/
  specs:
    httparty (0.17.0)
      mime-types (~> 3.0)
      multi_xml (>= 0.5.2)
    mime-types (3.2.2)
      mime-types-data (~> 3.2015)
    mime-types-data (3.2019.0331)
    multi_xml (0.6.0)
    mustermann (1.0.3)
    pg (1.1.4)
    rack (2.0.7)
    rack-protection (2.0.5)
      rack
    rack-ssl-enforcer (0.2.9)
    rubyzip (1.2.3)
    sinatra (2.0.5)
      mustermann (~> 1.0)
      rack (~> 2.0)
      rack-protection (= 2.0.5)
      tilt (~> 2.0)
    tilt (2.0.9)

PLATFORMS
  ruby

DEPENDENCIES
  ImageResize!
  httparty!
  pg!
  rack-ssl-enforcer (~> 0.2.9)
  rubyzip!
  sinatra!

BUNDLED WITH
   1.11.2
