GIT
  remote: git://github.com/SpruceMarcy/ImageResize-ruby.git
  revision: 54c6f85472b851c54a2f6cf8afd2dc8a1c4250c2
  specs:
    ImageResize (0.1.1)

GEM
  remote: https://rubygems.org/
  specs:
    httparty (0.17.1)
      mime-types (~> 3.0)
      multi_xml (>= 0.5.2)
    mime-types (3.3)
      mime-types-data (~> 3.2015)
    mime-types-data (3.2019.1009)
    multi_xml (0.6.0)
    mustermann (1.0.3)
    pg (1.1.4)
    rack (2.0.8)
    rack-protection (2.0.7)
      rack
    rack-ssl-enforcer (0.2.9)
    rubyzip (1.3.0)
    sinatra (2.0.7)
      mustermann (~> 1.0)
      rack (~> 2.0)
      rack-protection (= 2.0.7)
      tilt (~> 2.0)
    tilt (2.0.10)

PLATFORMS
  ruby

DEPENDENCIES
  ImageResize!
  httparty!
  pg!
  rack-ssl-enforcer (~> 0.2.9)
  rubyzip (~> 1.3.0)!
  sinatra!

BUNDLED WITH
   1.11.2
