PATH
  remote: .
  specs:
    omniauth-microsoft-live (0.1.0)
      multi_json (>= 1.0.3)
      omniauth-oauth2 (~> 1.0)

GEM
  remote: http://rubygems.org/
  specs:
    addressable (2.3.7)
    crack (0.4.2)
      safe_yaml (~> 1.0.0)
    diff-lcs (1.2.5)
    faraday (0.9.1)
      multipart-post (>= 1.2, < 3)
    hashie (3.4.0)
    jwt (1.2.1)
    multi_json (1.10.1)
    multi_xml (0.5.5)
    multipart-post (2.0.0)
    oauth2 (1.0.0)
      faraday (>= 0.8, < 0.10)
      jwt (~> 1.0)
      multi_json (~> 1.3)
      multi_xml (~> 0.5)
      rack (~> 1.2)
    omniauth (1.2.2)
      hashie (>= 1.2, < 4)
      rack (~> 1.0)
    omniauth-oauth2 (1.2.0)
      faraday (>= 0.8, < 0.10)
      multi_json (~> 1.3)
      oauth2 (~> 1.0)
      omniauth (~> 1.2)
    rack (1.6.0)
    rack-test (0.6.3)
      rack (>= 1.0)
    rspec (2.99.0)
      rspec-core (~> 2.99.0)
      rspec-expectations (~> 2.99.0)
      rspec-mocks (~> 2.99.0)
    rspec-core (2.99.2)
    rspec-expectations (2.99.2)
      diff-lcs (>= 1.1.3, < 2.0)
    rspec-mocks (2.99.3)
    safe_yaml (1.0.4)
    webmock (1.20.4)
      addressable (>= 2.3.6)
      crack (>= 0.3.2)

PLATFORMS
  ruby

DEPENDENCIES
  omniauth-microsoft-live!
  rack-test
  rspec (~> 2.7)
  webmock
